GEM
  remote: http://rubygems.org/
  specs:
    racc (1.4.6)
    tidy (1.1.2)

PLATFORMS
  ruby

DEPENDENCIES
  racc (= 1.4.6)
  tidy (= 1.1.2)
